GEM
  remote: https://rubygems.org/
  specs:
    bcrypt (3.1.18)
    mustermann (3.0.0)
      ruby2_keywords (~> 0.0.1)
    rack (2.2.4)
    rack-protection (3.0.4)
      rack
    ruby2_keywords (0.0.5)
    sequel (5.63.0)
    sinatra (3.0.4)
      mustermann (~> 3.0)
      rack (~> 2.2, >= 2.2.4)
      rack-protection (= 3.0.4)
      tilt (~> 2.0)
    tilt (2.0.11)

PLATFORMS
  x64-mingw-ucrt

DEPENDENCIES
  bcrypt
  sequel
  sinatra

BUNDLED WITH
   2.3.20
